RESTRICTION: == net461
NUGET
  remote: https://www.nuget.org/api/v2
    Aether (8.3.1)
      FSharp.Core (>= 4.3.4)
      System.ValueTuple (>= 4.4)
    Biser (1.8)
    BiserObjectify (1.3)
    Chiron (6.3.1)
      Aether (>= 8.2)
      FParsec (>= 1.0.3)
      FSharp.Core (>= 4.3.4)
      System.ValueTuple (>= 4.4)
    Deedle (1.2.5)
    FAKE (4.64.13)
    FParsec (1.0.3)
      FSharp.Core (>= 4.0.0.1)
    FSharp.Core (4.5.2)
    FSharp.Data (2.4.6)
    FsPickler (5.2)
      FSharp.Core (>= 3.1.2)
    FsPickler.Json (5.2)
      FSharp.Core (>= 3.1.2)
      Newtonsoft.Json (>= 6.0.5)
    Google.DataTable.Net.Wrapper (3.1.2)
    Hessian (1.0.1)
    HessianCSharp.IO (1.0)
    Hocon (1.0)
    Hyperion (0.9.8)
    Jil (2.17)
      Sigil (>= 4.7)
    LibraProgramming.Hessian (0.1.1-dev)
      System.Runtime.Serialization.Primitives (>= 4.3)
    MathNet.Numerics (3.20.2)
    MathNet.Numerics.FSharp (3.20.2)
      FSharp.Core (>= 3.1.2.5)
      MathNet.Numerics (3.20.2)
    MessagePack (1.7.3.4)
      System.Threading.Tasks.Extensions (>= 4.3)
      System.ValueTuple (>= 4.3)
    MongoDB.Bson (2.8)
    MsgPack.Cli (1.0.1)
    NetJSON (1.2.10.2)
    Nett (0.11)
    Newtonsoft.Json (11.0.2)
    Newtonsoft.Json.Bson (1.0.2-build000148)
      Newtonsoft.Json (>= 11.0.2)
    PeterO.Cbor (4.0.0-alpha2)
      PeterO.Numbers (>= 1.2.2)
    PeterO.Numbers (1.2.2)
    Sigil (4.7)
    Suave (2.1.1)
      FSharp.Core (>= 4.0.0.1)
    System.Runtime.CompilerServices.Unsafe (4.5.2)
    System.Runtime.Serialization.Primitives (4.3)
    System.Threading.Tasks.Extensions (4.5.2)
      System.Runtime.CompilerServices.Unsafe (>= 4.5.2)
    System.ValueTuple (4.5)
    Thoth.Json.Net (2.5)
      FSharp.Core (>= 4.5.2)
      Newtonsoft.Json (>= 11.0.2)
    XPlot.GoogleCharts (1.5)
      FSharp.Core
      Google.DataTable.Net.Wrapper (>= 3.1.2)
      Newtonsoft.Json (>= 11.0.2)
    XPlot.GoogleCharts.Deedle (1.5)
      Deedle (>= 1.2.5)
      FSharp.Core
      XPlot.GoogleCharts (>= 1.5)
    XPlot.Plotly (1.5)
      FSharp.Core
      Newtonsoft.Json (>= 11.0.2)
    YamlDotNet (6.0)
    ZeroFormatter (1.6.4)
      ZeroFormatter.Interfaces (>= 1.6.4)
    ZeroFormatter.Interfaces (1.6.4)
  remote: https://api.nuget.org/v3/index.json
    FSharp.Literate.Scripts (1.1.6)
      Deedle (1.2.5)
      FSharp.Data (2.4.6)
      Google.DataTable.Net.Wrapper (3.1.2)
      MathNet.Numerics (3.20.2)
      MathNet.Numerics.FSharp (3.20.2)
      Newtonsoft.Json (11.0.2)
      Suave (2.1.1)
      XPlot.GoogleCharts (1.5)
      XPlot.GoogleCharts.Deedle (1.5)
      XPlot.Plotly (1.5)
    FsLab (1.1.6)
      Deedle (1.2.5)
      FSharp.Data (2.4.6)
      Google.DataTable.Net.Wrapper (3.1.2)
      MathNet.Numerics (3.20.2)
      MathNet.Numerics.FSharp (3.20.2)
      Newtonsoft.Json (11.0.2)
      Suave (2.1.1)
      XPlot.GoogleCharts (1.5)
      XPlot.GoogleCharts.Deedle (1.5)
      XPlot.Plotly (1.5)
